GEM
  remote: http://rubygems.org/
  specs:
    addressable (2.4.0)
    chunky_png (1.3.1)
    compass (0.12.6)
      chunky_png (~> 1.2)
      fssm (>= 0.2.7)
      sass (~> 3.2.19)
    envyable (1.0.0)
    fastimage (2.0.0)
      addressable (~> 2)
    fssm (0.2.10)
    haml (4.0.5)
      tilt
    kgio (2.9.2)
    rack (1.5.2)
    rack-flash3 (1.0.5)
      rack
    rack-protection (1.5.3)
      rack
    raindrops (0.13.0)
    redis (3.1.0)
    redis-namespace (1.5.2)
      redis (~> 3.0, >= 3.0.4)
    sass (3.2.19)
    shotgun (0.9)
      rack (>= 1.0)
    sinatra (1.4.5)
      rack (~> 1.4)
      rack-protection (~> 1.4)
      tilt (~> 1.3, >= 1.3.4)
    tilt (1.4.1)
    unicorn (4.8.3)
      kgio (~> 2.6)
      rack
      raindrops (~> 0.7)

PLATFORMS
  ruby

DEPENDENCIES
  compass
  envyable
  fastimage
  haml
  rack-flash3
  redis
  redis-namespace
  sass
  shotgun
  sinatra
  unicorn

BUNDLED WITH
   1.12.5
